GEM
  remote: https://rubygems.org/
  specs:
    beats (2.1.1)
      wavefile (= 0.8.1)
    minitest (5.13.0)
    rake (13.0.1)
    ruby-audio (1.6.1)
    ruby2d (0.9.2)
    wavefile (0.8.1)

PLATFORMS
  ruby

DEPENDENCIES
  beats
  minitest
  rake
  ruby-audio
  ruby2d

RUBY VERSION
   ruby 2.5.1p57

BUNDLED WITH
   2.0.2
