GEM
  remote: https://rubygems.org/
  specs:
    gosu (0.14.5)
    mini_magick (4.9.5)
    minitest (5.13.0)
    rake (13.0.1)
    ruby-audio (1.6.1)

PLATFORMS
  ruby

DEPENDENCIES
  gosu
  mini_magick
  minitest
  rake
  ruby-audio

RUBY VERSION
   ruby 2.6.5p114

BUNDLED WITH
   2.1.2
